GEM
  remote: https://rubygems.org/
  specs:
    cuba (3.9.2)
      rack (>= 1.6.0)
    rack (2.0.8)
    tilt (2.0.9)

PLATFORMS
  ruby

DEPENDENCIES
  cuba (= 3.9.2)
  tilt (= 2.0.9)

BUNDLED WITH
   2.0.2
