GEM
  remote: https://rubygems.org/
  specs:
    cuba (3.1.1)
      rack
    puma (2.8.2)
      rack (>= 1.1, < 2.0)
    rack (1.5.2)
    tilt (2.0.1)

PLATFORMS
  ruby

DEPENDENCIES
  cuba
  puma
  tilt
