GEM
  remote: https://rubygems.org/
  specs:
    cuba (3.3.0)
      rack
    puma (2.10.2)
      rack (>= 1.1, < 2.0)
    rack (1.6.0)
    tilt (2.0.1)

PLATFORMS
  ruby

DEPENDENCIES
  cuba
  puma (~> 2.10.2)
  tilt
